GIT
  remote: https://github.com/rspec/rspec
  revision: ab3c9131c4869a928732f65355524a27fc3425ca
  branch: master
  specs:
    rspec (3.8.pre)
      rspec-core (= 3.8.pre)
      rspec-expectations (= 3.8.pre)
      rspec-mocks (= 3.8.pre)

GIT
  remote: https://github.com/rspec/rspec-core
  revision: 7f607f06a51ed2a1e93e29966b91161171975b8d
  branch: master
  specs:
    rspec-core (3.8.pre)
      rspec-support (= 3.8.pre)

GIT
  remote: https://github.com/rspec/rspec-expectations
  revision: bee4e1467b2f08f0069878209934e641409bc9b9
  branch: master
  specs:
    rspec-expectations (3.8.pre)
      diff-lcs (>= 1.2.0, < 2.0)
      rspec-support (= 3.8.pre)

GIT
  remote: https://github.com/rspec/rspec-its
  revision: 7349a745121372ae2a1c3b843c15109502f36c04
  branch: master
  specs:
    rspec-its (1.2.0)
      rspec-core (>= 3.0.0)
      rspec-expectations (>= 3.0.0)

GIT
  remote: https://github.com/rspec/rspec-mocks
  revision: 6eb222220ae518f85c20fe07ca10a2945fcb35f3
  branch: master
  specs:
    rspec-mocks (3.8.pre)
      diff-lcs (>= 1.2.0, < 2.0)
      rspec-support (= 3.8.pre)

GIT
  remote: https://github.com/rspec/rspec-support
  revision: fd1ff3b68e0d0c236e9a923a7d6cbbce8cc6c4fb
  branch: master
  specs:
    rspec-support (3.8.pre)

PATH
  remote: .
  specs:
    abstract_bundle (0.1.0)

GEM
  remote: https://rubygems.org/
  specs:
    diff-lcs (1.3)
    rake (10.5.0)

PLATFORMS
  ruby

DEPENDENCIES
  abstract_bundle!
  bundler (~> 1.16.a)
  rake (~> 10.0)
  rspec!
  rspec-core!
  rspec-expectations!
  rspec-its!
  rspec-mocks!
  rspec-support!

BUNDLED WITH
   1.16.0.pre.3
